GIT
  remote: https://github.com/emoreth/carrierwave-activerecord.git
  revision: fd1c163c0227b79b82e9bb7297a6528677abff6f
  specs:
    carrierwave-activerecord (0.1.0rc15)
      activerecord (~> 4.0.0)
      carrierwave (>= 0.10.0)

GEM
  remote: https://rubygems.org/
  specs:
    actionmailer (4.0.13)
      actionpack (= 4.0.13)
      mail (~> 2.5, >= 2.5.4)
    actionpack (4.0.13)
      activesupport (= 4.0.13)
      builder (~> 3.1.0)
      erubis (~> 2.7.0)
      rack (~> 1.5.2)
      rack-test (~> 0.6.2)
    active_scaffold (3.4.14)
      rails (>= 3.2.18, < 5)
    active_scaffold_duplicate (1.0.2)
      active_scaffold (>= 3.3.0.rc)
    activemodel (4.0.13)
      activesupport (= 4.0.13)
      builder (~> 3.1.0)
    activerecord (4.0.13)
      activemodel (= 4.0.13)
      activerecord-deprecated_finders (~> 1.0.2)
      activesupport (= 4.0.13)
      arel (~> 4.0.0)
    activerecord-deprecated_finders (1.0.3)
    activesupport (4.0.13)
      i18n (~> 0.6, >= 0.6.9)
      minitest (~> 4.2)
      multi_json (~> 1.3)
      thread_safe (~> 0.1)
      tzinfo (~> 0.3.37)
    arel (4.0.2)
    awesome_print (1.1.0)
    bcrypt (3.1.9)
    bcrypt (3.1.9-x86-mingw32)
    better_errors (1.1.0)
      coderay (>= 1.0.0)
      erubis (>= 2.6.6)
    binding_of_caller (0.7.2)
      debug_inspector (>= 0.0.1)
    builder (3.1.4)
    cancan (1.6.10)
    carrierwave (0.10.0)
      activemodel (>= 3.2.0)
      activesupport (>= 3.2.0)
      json (>= 1.7)
      mime-types (>= 1.16)
    choice (0.1.6)
    codemirror-rails (3.16)
      railties (>= 3.0, < 5)
    coderay (1.1.0)
    coffee-rails (4.0.1)
      coffee-script (>= 2.2.0)
      railties (>= 4.0.0, < 5.0)
    coffee-script (2.3.0)
      coffee-script-source
      execjs
    coffee-script-source (1.8.0)
    debug_inspector (0.0.2)
    devise (3.4.1)
      bcrypt (~> 3.0)
      orm_adapter (~> 0.1)
      railties (>= 3.2.6, < 5)
      responders
      thread_safe (~> 0.1)
      warden (~> 1.2.3)
    diff-lcs (1.2.5)
    erubis (2.7.0)
    exception_notification (2.6.1)
      actionmailer (>= 3.0.4)
    execjs (2.2.2)
    factory_girl (2.6.4)
      activesupport (>= 2.3.9)
    factory_girl_rails (1.7.0)
      factory_girl (~> 2.6.0)
      railties (>= 3.0.0)
    font-awesome-sass (4.0.2)
      sass-rails (>= 3.1.1)
    hike (1.2.3)
    i18n (0.7.0)
    jbuilder (1.5.3)
      activesupport (>= 3.0.0)
      multi_json (>= 1.2.0)
    jquery-rails (2.1.4)
      railties (>= 3.0, < 5.0)
      thor (>= 0.14, < 2.0)
    jquery-ui-rails (4.0.3)
      jquery-rails
      railties (>= 3.1.0)
    json (1.8.2)
    kaminari (0.14.1)
      actionpack (>= 3.0.0)
      activesupport (>= 3.0.0)
    libv8 (3.11.8.17)
    mail (2.6.3)
      mime-types (>= 1.16, < 3)
    mime-types (2.4.3)
    minitest (4.7.5)
    multi_json (1.10.1)
    mysql2 (0.3.15)
    orm_adapter (0.5.0)
    paper_trail (3.0.2)
      activerecord (>= 3.0, < 5.0)
      activesupport (>= 3.0, < 5.0)
    pdf-core (0.1.6)
    prawn (0.15.0)
      pdf-core (~> 0.1.3)
      ttfunk (~> 1.1.0)
    prawn_rails (0.0.11)
      prawn (>= 0.11.1)
      railties (>= 3.0.0)
    quiet_assets (1.0.3)
      railties (>= 3.1, < 5.0)
    racc (1.4.11)
    rack (1.5.2)
    rack-test (0.6.3)
      rack (>= 1.0)
    rails (4.0.13)
      actionmailer (= 4.0.13)
      actionpack (= 4.0.13)
      activerecord (= 4.0.13)
      activesupport (= 4.0.13)
      bundler (>= 1.3.0, < 2.0)
      railties (= 4.0.13)
      sprockets-rails (~> 2.0)
    rails-erd (1.0.0)
      activerecord (>= 3.0)
      activesupport (>= 3.0)
      choice (~> 0.1.6)
      ruby-graphviz (~> 1.0.4)
    railties (4.0.13)
      actionpack (= 4.0.13)
      activesupport (= 4.0.13)
      rake (>= 0.8.7)
      thor (>= 0.18.1, < 2.0)
    rake (10.4.2)
    rdoc (4.2.0)
      json (~> 1.4)
    recordselect (3.3.6)
      rails (>= 3.1.3)
    redcarpet (2.1.0)
    ref (1.0.5)
    responders (1.1.2)
      railties (>= 3.2, < 4.2)
    rspec-core (2.14.8)
    rspec-expectations (2.14.5)
      diff-lcs (>= 1.1.3, < 2.0)
    rspec-mocks (2.14.6)
    rspec-rails (2.14.2)
      actionpack (>= 3.0)
      activemodel (>= 3.0)
      activesupport (>= 3.0)
      railties (>= 3.0)
      rspec-core (~> 2.14.0)
      rspec-expectations (~> 2.14.0)
      rspec-mocks (~> 2.14.0)
    ruby-graphviz (1.0.8)
    rufus-scheduler (3.0.3)
      tzinfo
    sass (3.2.19)
    sass-rails (4.0.5)
      railties (>= 4.0.0, < 5.0)
      sass (~> 3.2.2)
      sprockets (~> 2.8, < 3.0)
      sprockets-rails (~> 2.0)
    sdoc (0.4.1)
      json (~> 1.7, >= 1.7.7)
      rdoc (~> 4.0)
    simple-navigation (3.14.0)
      activesupport (>= 2.3.2)
    spring (1.1.3)
    sprockets (2.12.3)
      hike (~> 1.2)
      multi_json (~> 1.0)
      rack (~> 1.0)
      tilt (~> 1.1, != 1.3.0)
    sprockets-rails (2.2.3)
      actionpack (>= 3.0)
      activesupport (>= 3.0)
      sprockets (>= 2.8, < 4.0)
    sql-parser (0.0.2)
      racc
    sqlite3 (1.3.7)
    sqlite3 (1.3.7-x86-mingw32)
    therubyracer (0.11.4)
      libv8 (~> 3.11.8.12)
      ref
    thor (0.19.1)
    thread_safe (0.3.4)
    tilt (1.4.1)
    timeliness (0.3.7)
    ttfunk (1.1.1)
    tzinfo (0.3.42)
    uglifier (2.1.1)
      execjs (>= 0.3.0)
      multi_json (~> 1.0, >= 1.0.2)
    validates_timeliness (3.0.14)
      timeliness (~> 0.3.6)
    warden (1.2.3)
      rack (>= 1.0)
    webrick (1.3.1)

PLATFORMS
  ruby
  x86-mingw32

DEPENDENCIES
  active_scaffold
  active_scaffold_duplicate (~> 1.0.2)
  awesome_print
  better_errors
  binding_of_caller
  cancan
  carrierwave
  carrierwave-activerecord!
  codemirror-rails
  coffee-rails (~> 4.0.0)
  devise
  exception_notification (= 2.6.1)
  factory_girl_rails (= 1.7.0)
  font-awesome-sass
  jbuilder (~> 1.2)
  jquery-rails
  jquery-ui-rails
  json
  kaminari
  mysql2 (= 0.3.15)
  paper_trail (= 3.0.2)
  prawn (= 0.15.0)
  prawn_rails
  quiet_assets
  rails (= 4.0.13)
  rails-erd (~> 1.0.0)
  recordselect (~> 3.3.6)
  redcarpet (= 2.1.0)
  rspec-rails (~> 2.0)
  rufus-scheduler
  sass-rails (~> 4.0.2)
  sdoc
  simple-navigation
  spring
  sql-parser
  sqlite3
  therubyracer
  uglifier (>= 1.3.0)
  validates_timeliness (~> 3.0.2)
  webrick (= 1.3.1)
